GEM
  remote: https://rubygems.org/
  specs:
    minitest (5.15.0)
    ruby2d (0.11.1)

PLATFORMS
  ruby
  x86_64-linux

DEPENDENCIES
  minitest
  ruby2d (= 0.11.1)

BUNDLED WITH
   2.2.8
